GEM
  remote: https://rubygems.org/
  specs:
    actionmailer (4.2.0)
      actionpack (= 4.2.0)
      actionview (= 4.2.0)
      activejob (= 4.2.0)
      mail (~> 2.5, >= 2.5.4)
      rails-dom-testing (~> 1.0, >= 1.0.5)
    actionpack (4.2.0)
      actionview (= 4.2.0)
      activesupport (= 4.2.0)
      rack (~> 1.6.0)
      rack-test (~> 0.6.2)
      rails-dom-testing (~> 1.0, >= 1.0.5)
      rails-html-sanitizer (~> 1.0, >= 1.0.1)
    actionview (4.2.0)
      activesupport (= 4.2.0)
      builder (~> 3.1)
      erubis (~> 2.7.0)
      rails-dom-testing (~> 1.0, >= 1.0.5)
      rails-html-sanitizer (~> 1.0, >= 1.0.1)
    activejob (4.2.0)
      activesupport (= 4.2.0)
      globalid (>= 0.3.0)
    activemodel (4.2.0)
      activesupport (= 4.2.0)
      builder (~> 3.1)
    activerecord (4.2.0)
      activemodel (= 4.2.0)
      activesupport (= 4.2.0)
      arel (~> 6.0)
    activesupport (4.2.0)
      i18n (~> 0.7)
      json (~> 1.7, >= 1.7.7)
      minitest (~> 5.1)
      thread_safe (~> 0.3, >= 0.3.4)
      tzinfo (~> 1.1)
    addressable (2.3.7)
    arel (6.0.0)
    binding_of_caller (0.7.2)
      debug_inspector (>= 0.0.1)
    buftok (0.2.0)
    builder (3.2.2)
    byebug (3.5.1)
      columnize (~> 0.8)
      debugger-linecache (~> 1.2)
      slop (~> 3.6)
    chronic (0.10.2)
    coderay (1.1.0)
    coffee-rails (4.1.0)
      coffee-script (>= 2.2.0)
      railties (>= 4.0.0, < 5.0)
    coffee-script (2.3.0)
      coffee-script-source
      execjs
    coffee-script-source (1.9.1)
    columnize (0.9.0)
    cookiejar (0.3.2)
    daemons (1.1.9)
    debug_inspector (0.0.2)
    debugger-linecache (1.2.0)
    diff-lcs (1.2.5)
    domain_name (0.5.23)
      unf (>= 0.0.5, < 1.0.0)
    em-http-request (1.1.2)
      addressable (>= 2.3.4)
      cookiejar
      em-socksify (>= 0.3)
      eventmachine (>= 1.0.3)
      http_parser.rb (>= 0.6.0)
    em-socksify (0.3.0)
      eventmachine (>= 1.0.0.beta.4)
    em-twitter (0.3.5)
      buftok (~> 0.2)
      eventmachine (~> 1.0)
      http_parser.rb (~> 0.6)
      simple_oauth (~> 0.2)
    equalizer (0.0.9)
    erubis (2.7.0)
    eventmachine (1.0.7)
    execjs (2.3.0)
    faraday (0.9.1)
      multipart-post (>= 1.2, < 3)
    figaro (1.1.0)
      thor (~> 0.14)
    globalid (0.3.3)
      activesupport (>= 4.1.0)
    hike (1.2.3)
    hpricot (0.8.6)
    http (0.6.3)
      http_parser.rb (~> 0.6.0)
    http-cookie (1.0.2)
      domain_name (~> 0.5)
    http_parser.rb (0.6.0)
    httparty (0.13.3)
      json (~> 1.8)
      multi_xml (>= 0.5.2)
    i18n (0.7.0)
    i18n_generators (1.2.1)
      mechanize
      rails (>= 3.0.0)
      rails (>= 3.0.0)
      rails (>= 3.0.0)
      rails (>= 3.0.0)
      rails (>= 3.0.0)
      rails (>= 3.0.0)
      rails (>= 3.0.0)
      rails (>= 3.0.0)
      rails (>= 3.0.0)
      rails (>= 3.0.0)
      rails (>= 3.0.0)
      rails (>= 3.0.0)
      rails (>= 3.0.0)
      rails (>= 3.0.0)
      rails (>= 3.0.0)
      rails (>= 3.0.0)
      rails (>= 3.0.0)
      rails (>= 3.0.0)
      rails (>= 3.0.0)
      rails (>= 3.0.0)
      rails (>= 3.0.0)
      rails (>= 3.0.0)
      rails (>= 3.0.0)
      rails (>= 3.0.0)
      rails (>= 3.0.0)
      rails (>= 3.0.0)
      rails (>= 3.0.0)
      rails (>= 3.0.0)
      rails (>= 3.0.0)
      rails (>= 3.0.0)
      rails (>= 3.0.0)
      rails (>= 3.0.0)
      rails (>= 3.0.0)
      rails (>= 3.0.0)
      rails (>= 3.0.0)
      rails (>= 3.0.0)
      rails (>= 3.0.0)
      rails (>= 3.0.0)
      rails (>= 3.0.0)
      rails (>= 3.0.0)
      rails (>= 3.0.0)
      rails (>= 3.0.0)
      rails (>= 3.0.0)
      rails (>= 3.0.0)
      rails (>= 3.0.0)
      rails (>= 3.0.0)
      rails (>= 3.0.0)
      rails (>= 3.0.0)
      rails (>= 3.0.0)
      rails (>= 3.0.0)
      rails (>= 3.0.0)
      rails (>= 3.0.0)
      rails (>= 3.0.0)
      rails (>= 3.0.0)
      rails (>= 3.0.0)
      rails (>= 3.0.0)
      rails (>= 3.0.0)
      rails (>= 3.0.0)
      rails (>= 3.0.0)
      rails (>= 3.0.0)
      rails (>= 3.0.0)
      rails (>= 3.0.0)
      rails (>= 3.0.0)
      rails (>= 3.0.0)
      rails (>= 3.0.0)
      rails (>= 3.0.0)
      rails (>= 3.0.0)
      rails (>= 3.0.0)
      rails (>= 3.0.0)
      rails (>= 3.0.0)
      rails (>= 3.0.0)
      rails (>= 3.0.0)
      rails (>= 3.0.0)
      rails (>= 3.0.0)
      rails (>= 3.0.0)
      rails (>= 3.0.0)
      rails (>= 3.0.0)
      rails (>= 3.0.0)
      rails (>= 3.0.0)
      rails (>= 3.0.0)
      rails (>= 3.0.0)
      rails (>= 3.0.0)
      rails (>= 3.0.0)
      rails (>= 3.0.0)
      rails (>= 3.0.0)
      rails (>= 3.0.0)
      rails (>= 3.0.0)
      rails (>= 3.0.0)
      rails (>= 3.0.0)
      rails (>= 3.0.0)
      rails (>= 3.0.0)
      rails (>= 3.0.0)
      rails (>= 3.0.0)
      rails (>= 3.0.0)
      rails (>= 3.0.0)
      rails (>= 3.0.0)
      rails (>= 3.0.0)
      rails (>= 3.0.0)
      rails (>= 3.0.0)
      rails (>= 3.0.0)
      rails (>= 3.0.0)
      rails (>= 3.0.0)
      rails (>= 3.0.0)
      rails (>= 3.0.0)
      rails (>= 3.0.0)
      rails (>= 3.0.0)
      rails (>= 3.0.0)
      rails (>= 3.0.0)
      rails (>= 3.0.0)
      rails (>= 3.0.0)
      rails (>= 3.0.0)
      rails (>= 3.0.0)
      rails (>= 3.0.0)
      rails (>= 3.0.0)
      rails (>= 3.0.0)
      rails (>= 3.0.0)
      rails (>= 3.0.0)
      rails (>= 3.0.0)
      rails (>= 3.0.0)
      rails (>= 3.0.0)
      rails (>= 3.0.0)
      rails (>= 3.0.0)
      rails (>= 3.0.0)
      rails (>= 3.0.0)
      rails (>= 3.0.0)
      rails (>= 3.0.0)
      rails (>= 3.0.0)
      rails (>= 3.0.0)
      rails (>= 3.0.0)
      rails (>= 3.0.0)
      rails (>= 3.0.0)
      rails (>= 3.0.0)
      rails (>= 3.0.0)
      rails (>= 3.0.0)
      rails (>= 3.0.0)
      rails (>= 3.0.0)
      rails (>= 3.0.0)
      rails (>= 3.0.0)
      rails (>= 3.0.0)
      rails (>= 3.0.0)
      rails (>= 3.0.0)
      rails (>= 3.0.0)
      rails (>= 3.0.0)
      rails (>= 3.0.0)
      rails (>= 3.0.0)
      rails (>= 3.0.0)
      rails (>= 3.0.0)
      rails (>= 3.0.0)
      rails (>= 3.0.0)
      rails (>= 3.0.0)
      rails (>= 3.0.0)
      rails (>= 3.0.0)
      rails (>= 3.0.0)
      rails (>= 3.0.0)
      rails (>= 3.0.0)
      rails (>= 3.0.0)
      rails (>= 3.0.0)
      rails (>= 3.0.0)
      rails (>= 3.0.0)
      rails (>= 3.0.0)
      rails (>= 3.0.0)
      rails (>= 3.0.0)
      rails (>= 3.0.0)
      rails (>= 3.0.0)
      rails (>= 3.0.0)
      rails (>= 3.0.0)
      rails (>= 3.0.0)
      rails (>= 3.0.0)
      rails (>= 3.0.0)
      rails (>= 3.0.0)
      rails (>= 3.0.0)
      rails (>= 3.0.0)
      rails (>= 3.0.0)
      rails (>= 3.0.0)
      rails (>= 3.0.0)
      rails (>= 3.0.0)
      rails (>= 3.0.0)
      rails (>= 3.0.0)
      rails (>= 3.0.0)
      rails (>= 3.0.0)
      rails (>= 3.0.0)
      rails (>= 3.0.0)
      rails (>= 3.0.0)
      rails (>= 3.0.0)
      rails (>= 3.0.0)
      rails (>= 3.0.0)
      rails (>= 3.0.0)
      rails (>= 3.0.0)
      rails (>= 3.0.0)
      rails (>= 3.0.0)
      rails (>= 3.0.0)
      rails (>= 3.0.0)
      rails (>= 3.0.0)
      rails (>= 3.0.0)
      rails (>= 3.0.0)
      rails (>= 3.0.0)
      rails (>= 3.0.0)
      rails (>= 3.0.0)
      rails (>= 3.0.0)
      rails (>= 3.0.0)
      rails (>= 3.0.0)
      rails (>= 3.0.0)
      rails (>= 3.0.0)
      rails (>= 3.0.0)
      rails (>= 3.0.0)
      rails (>= 3.0.0)
      rails (>= 3.0.0)
      rails (>= 3.0.0)
      rails (>= 3.0.0)
      rails (>= 3.0.0)
      rails (>= 3.0.0)
      rails (>= 3.0.0)
      rails (>= 3.0.0)
      rails (>= 3.0.0)
      rails (>= 3.0.0)
      rails (>= 3.0.0)
      rails (>= 3.0.0)
    jquery-rails (4.0.3)
      rails-dom-testing (~> 1.0)
      railties (>= 4.2.0)
      thor (>= 0.14, < 2.0)
    json (1.8.2)
    libv8 (3.16.14.7)
    loofah (2.0.1)
      nokogiri (>= 1.5.9)
    mail (2.6.3)
      mime-types (>= 1.16, < 3)
    mechanize (2.7.3)
      domain_name (~> 0.5, >= 0.5.1)
      http-cookie (~> 1.0)
      mime-types (~> 2.0)
      net-http-digest_auth (~> 1.1, >= 1.1.1)
      net-http-persistent (~> 2.5, >= 2.5.2)
      nokogiri (~> 1.4)
      ntlm-http (~> 0.1, >= 0.1.1)
      webrobots (>= 0.0.9, < 0.2)
    memoizable (0.4.2)
      thread_safe (~> 0.3, >= 0.3.1)
    method_source (0.8.2)
    mime-types (2.4.3)
    mini_portile (0.6.2)
    minitest (5.5.1)
    multi_json (1.10.1)
    multi_xml (0.5.5)
    multipart-post (2.0.0)
    mysql2 (0.3.18)
    naught (1.0.0)
    net-http-digest_auth (1.4)
    net-http-persistent (2.9.4)
    nokogiri (1.6.6.2)
      mini_portile (~> 0.6.0)
    ntlm-http (0.1.1)
    pry (0.10.1)
      coderay (~> 1.1.0)
      method_source (~> 0.8.1)
      slop (~> 3.4)
    pry-byebug (3.0.1)
      byebug (~> 3.4)
      pry (~> 0.10)
    pry-doc (0.6.0)
      pry (~> 0.9)
      yard (~> 0.8)
    pry-rails (0.3.3)
      pry (>= 0.9.10)
    pry-stack_explorer (0.4.9.2)
      binding_of_caller (>= 0.7)
      pry (>= 0.9.11)
    rack (1.6.0)
    rack-test (0.6.3)
      rack (>= 1.0)
    rails (4.2.0)
      actionmailer (= 4.2.0)
      actionpack (= 4.2.0)
      actionview (= 4.2.0)
      activejob (= 4.2.0)
      activemodel (= 4.2.0)
      activerecord (= 4.2.0)
      activesupport (= 4.2.0)
      bundler (>= 1.3.0, < 2.0)
      railties (= 4.2.0)
      sprockets-rails
    rails-deprecated_sanitizer (1.0.3)
      activesupport (>= 4.2.0.alpha)
    rails-dom-testing (1.0.5)
      activesupport (>= 4.2.0.beta, < 5.0)
      nokogiri (~> 1.6.0)
      rails-deprecated_sanitizer (>= 1.0.1)
    rails-html-sanitizer (1.0.1)
      loofah (~> 2.0)
    rails_config (0.4.2)
      activesupport (>= 3.0)
    railties (4.2.0)
      actionpack (= 4.2.0)
      activesupport (= 4.2.0)
      rake (>= 0.8.7)
      thor (>= 0.18.1, < 2.0)
    rake (10.4.2)
    ref (1.0.5)
    rspec (3.2.0)
      rspec-core (~> 3.2.0)
      rspec-expectations (~> 3.2.0)
      rspec-mocks (~> 3.2.0)
    rspec-core (3.2.0)
      rspec-support (~> 3.2.0)
    rspec-expectations (3.2.0)
      diff-lcs (>= 1.2.0, < 2.0)
      rspec-support (~> 3.2.0)
    rspec-mocks (3.2.0)
      diff-lcs (>= 1.2.0, < 2.0)
      rspec-support (~> 3.2.0)
    rspec-rails (3.2.0)
      actionpack (>= 3.0, <= 4.2)
      activesupport (>= 3.0, <= 4.2)
      railties (>= 3.0, <= 4.2)
      rspec-core (~> 3.2.0)
      rspec-expectations (~> 3.2.0)
      rspec-mocks (~> 3.2.0)
      rspec-support (~> 3.2.0)
    rspec-support (3.2.1)
    sass (3.4.12)
    sass-rails (5.0.1)
      railties (>= 4.0.0, < 5.0)
      sass (~> 3.1)
      sprockets (>= 2.8, < 4.0)
      sprockets-rails (>= 2.0, < 4.0)
      tilt (~> 1.1)
    shoulda-matchers (2.8.0)
      activesupport (>= 3.0.0)
    simple_oauth (0.3.1)
    slop (3.6.0)
    spring (1.3.2)
    sprockets (2.12.3)
      hike (~> 1.2)
      multi_json (~> 1.0)
      rack (~> 1.0)
      tilt (~> 1.1, != 1.3.0)
    sprockets-rails (2.2.4)
      actionpack (>= 3.0)
      activesupport (>= 3.0)
      sprockets (>= 2.8, < 4.0)
    therubyracer (0.12.1)
      libv8 (~> 3.16.14.0)
      ref
    thor (0.19.1)
    thread_safe (0.3.4)
    tilt (1.4.1)
    tweetstream (2.6.1)
      daemons (~> 1.1)
      em-http-request (>= 1.1.1)
      em-twitter (~> 0.3)
      multi_json (~> 1.3)
      twitter (~> 5.5)
    twitter (5.14.0)
      addressable (~> 2.3)
      buftok (~> 0.2.0)
      equalizer (~> 0.0.9)
      faraday (~> 0.9.0)
      http (~> 0.6.0)
      http_parser.rb (~> 0.6.0)
      json (~> 1.8)
      memoizable (~> 0.4.0)
      naught (~> 1.0)
      simple_oauth (~> 0.3.0)
    tzinfo (1.2.2)
      thread_safe (~> 0.1)
    uglifier (2.7.0)
      execjs (>= 0.3.0)
      json (>= 1.8.0)
    unf (0.1.4)
      unf_ext
    unf_ext (0.0.6)
    url_expander (0.1.5)
      hpricot
      httparty (>= 0.6.1)
      json
    webrobots (0.1.1)
    whenever (0.9.4)
      chronic (>= 0.6.3)
    yard (0.8.7.6)

PLATFORMS
  ruby

DEPENDENCIES
  coffee-rails
  figaro
  i18n_generators
  jquery-rails
  mysql2
  nokogiri
  pry-byebug
  pry-doc
  pry-rails
  pry-stack_explorer
  rails (= 4.2.0)
  rails_config
  rspec
  rspec-mocks
  rspec-rails
  sass-rails
  shoulda-matchers
  spring
  therubyracer
  tweetstream
  twitter
  uglifier (>= 1.0.3)
  url_expander
  whenever
